GEM
  remote: https://rubygems.org/
  specs:
    innate (2013.02.21)
      rack (~> 1.5.2)
    rack (1.5.2)
    rake (10.3.2)
    ramaze (2012.12.08)
      innate (>= 2012.12)
      rake
    sequel (4.11.0)
    sqlite3 (1.3.9)

PLATFORMS
  ruby

DEPENDENCIES
  rake
  ramaze (>= 2.0.0)
  sequel
  sqlite3
