GEM
  remote: https://rubygems.org/
  specs:
    bcrypt (3.1.7)
    coderay (1.1.0)
    columnize (0.8.9)
    debugger (1.6.6)
      columnize (>= 0.3.1)
      debugger-linecache (~> 1.2.0)
      debugger-ruby_core_source (~> 1.3.2)
    debugger-linecache (1.2.0)
    debugger-ruby_core_source (1.3.5)
    innate (2013.02.21)
      rack (~> 1.5.2)
    method_source (0.8.2)
    pry (0.9.12.6)
      coderay (~> 1.0)
      method_source (~> 0.8)
      slop (~> 3.4)
    pry-debugger (0.2.2)
      debugger (~> 1.3)
      pry (~> 0.9.10)
    rack (1.5.2)
    rake (10.3.2)
    ramaze (2012.12.08)
      innate (>= 2012.12)
      rake
    sequel (4.11.0)
    slop (3.5.0)
    sqlite3 (1.3.9)

PLATFORMS
  ruby

DEPENDENCIES
  bcrypt
  pry
  pry-debugger
  rake
  ramaze (>= 2.0.0)
  sequel
  sqlite3
